GEM
  remote: https://rubygems.org/
  specs:
    command-unit (0.0.0)
    mini_portile (0.5.1)
    nokogiri (1.6.0)
      mini_portile (~> 0.5.0)

PLATFORMS
  ruby

DEPENDENCIES
  command-unit
  nokogiri
